GEM
  remote: https://rubygems.org/
  specs:
    aws-sdk (2.10.57)
      aws-sdk-resources (= 2.10.57)
    aws-sdk-core (2.10.57)
      aws-sigv4 (~> 1.0)
      jmespath (~> 1.0)
    aws-sdk-resources (2.10.57)
      aws-sdk-core (= 2.10.57)
    aws-sigv4 (1.0.2)
    colored (1.2)
    configure-s3-website (2.0.0)
      aws-sdk (~> 2)
      deep_merge (~> 1.0.0)
    deep_merge (1.0.1)
    dotenv (1.0.2)
    jmespath (1.3.1)
    s3_website (3.1.0)
      colored (= 1.2)
      configure-s3-website (= 2.0.0)
      dotenv (~> 1.0)
      thor (~> 0.18)
    thor (0.20.0)

PLATFORMS
  ruby

DEPENDENCIES
  s3_website (~> 3.1.0)

RUBY VERSION
   ruby 2.6.5

BUNDLED WITH
   2.1.4
